NUGET
  remote: https://nuget.org/api/v2
  specs:
    FAKE (4.0.2)
    FSharp.Compiler.Service (1.3.1.0)
    FSharp.Formatting (2.10.0)
      FSharp.Compiler.Service (>= 0.0.87)
      FSharpVSPowerTools.Core (1.8.0)
    FSharpVSPowerTools.Core (1.8.0)
      FSharp.Compiler.Service (>= 0.0.87)
    FsUnit (1.3.1.0)
      NUnit (2.6.4)
    NuGet.CommandLine (2.8.6)
    NUnit (2.6.4)
    NUnit.Runners (2.6.4)
    SourceLink.Fake (1.0.0)
    System.Management.Automation_PowerShell_3.0 (6.3.9600.17400)
GITHUB
  remote: fsprojects/FSharp.TypeProviders.StarterPack
  specs:
    src/ProvidedTypes.fs (c098da43ef99c9f15f7ed7ec4726dace9b95ad06)
    src/ProvidedTypes.fsi (c098da43ef99c9f15f7ed7ec4726dace9b95ad06)