NUGET
  remote: https://www.nuget.org/api/v2
    System.Management.Automation_PowerShell_3.0 (6.3.9600.17400)
GITHUB
  remote: fsprojects/FSharp.TypeProviders.StarterPack
    src/ProvidedTypes.fs (c50ace31d335b7bcb83b102d2cfd0ce2007ed681)
    src/ProvidedTypes.fsi (c50ace31d335b7bcb83b102d2cfd0ce2007ed681)
GROUP Build
NUGET
  remote: https://www.nuget.org/api/v2
    FAKE (4.46)
    FSharp.Compiler.Service (1.3.1)
    FSharp.Formatting (2.10)
      FSharp.Compiler.Service (>= 0.0.87)
      FSharpVSPowerTools.Core (1.8)
    FSharpVSPowerTools.Core (1.8)
      FSharp.Compiler.Service (>= 0.0.87)
    NuGet.CommandLine (3.4.3)
    SourceLink.Fake (1.1)

GROUP Test
NUGET
  remote: https://www.nuget.org/api/v2
    NUnit (3.5)
    NUnit.Console (3.5)
      NUnit.ConsoleRunner (>= 3.5)
      NUnit.Extension.NUnitProjectLoader (>= 3.5)
      NUnit.Extension.NUnitV2Driver (>= 3.5)
      NUnit.Extension.NUnitV2ResultWriter (>= 3.5)
      NUnit.Extension.TeamCityEventListener (>= 1.0.2)
      NUnit.Extension.VSProjectLoader (>= 3.5)
    NUnit.ConsoleRunner (3.5)
    NUnit.Extension.NUnitProjectLoader (3.5)
    NUnit.Extension.NUnitV2Driver (3.5)
    NUnit.Extension.NUnitV2ResultWriter (3.5)
    NUnit.Extension.TeamCityEventListener (1.0.2)
    NUnit.Extension.VSProjectLoader (3.5)
GITHUB
  remote: fsprojects/FsUnit
    src/FsUnit.NUnit/FsUnitTyped.fs (0f3e39157b43efc71ca7ad6516e7a1f4e9ee0285)