NUGET
  remote: https://nuget.org/api/v2
  specs:
    FSharp.Formatting (2.2.11-beta)
      Microsoft.AspNet.Razor (>= 2.0.30506.0)
      RazorEngine (>= 3.3.0)
    FsUnit (1.2.1.0)
      NUnit (>= 2.6.2)
    Microsoft.AspNet.Razor (2.0.30506.0)
    NuGet.CommandLine (2.8.3)
    NUnit (2.6.3)
    NUnit.Runners (2.6.3)
    RazorEngine (3.3.0)
      Microsoft.AspNet.Razor (>= 2.0.30506.0)
