NUGET
  remote: https://nuget.org/api/v2
  specs:
    FAKE (3.13.0)
    FSharp.Compiler.Service (0.0.81)
    FSharp.Formatting (2.5.0)
      FSharp.Compiler.Service (>= 0.0.81)
      Microsoft.AspNet.Razor (2.0.30506)
      RazorEngine (3.3.0)
    FsUnit (1.3.0.1)
      NUnit (>= 2.6.3)
    Microsoft.AspNet.Razor (2.0.30506)
    NuGet.CommandLine (2.8.3)
    NUnit (2.6.4)
    NUnit.Runners (2.6.4)
    RazorEngine (3.3.0)
      Microsoft.AspNet.Razor (>= 2.0.30506.0)
GITHUB
  remote: fsprojects/FSharp.TypeProviders.StarterPack
  specs:
    src/ProvidedTypes.fs (c098da43ef99c9f15f7ed7ec4726dace9b95ad06)
    src/ProvidedTypes.fsi (c098da43ef99c9f15f7ed7ec4726dace9b95ad06)